GEM
  remote: https://rubygems.org/
  specs:
    aws-eventstream (1.3.0)
    aws-partitions (1.862.0)
    aws-sdk-core (3.190.0)
      aws-eventstream (~> 1, >= 1.3.0)
      aws-partitions (~> 1, >= 1.651.0)
      aws-sigv4 (~> 1.8)
      jmespath (~> 1, >= 1.6.1)
    aws-sdk-ssm (1.162.0)
      aws-sdk-core (~> 3, >= 3.188.0)
      aws-sigv4 (~> 1.1)
    aws-sigv4 (1.8.0)
      aws-eventstream (~> 1, >= 1.0.2)
    byebug (11.1.3)
    dotenv (2.8.1)
    jmespath (1.6.2)
    mqtt (0.6.0)

PLATFORMS
  arm64-darwin-22

DEPENDENCIES
  aws-sdk-ssm (~> 1.161)
  byebug
  dotenv (~> 2.8)
  mqtt (~> 0.6.0)
  tzinfo-data

RUBY VERSION
   ruby 3.0.6p216

BUNDLED WITH
   2.4.21
